PATH
  remote: .
  specs:
    ajax-datatables-rails-alt-api (0.2)
      ajax-datatables-rails (~> 1.0.0)

GEM
  remote: https://rubygems.org/
  specs:
    actionpack (6.1.3.2)
      actionview (= 6.1.3.2)
      activesupport (= 6.1.3.2)
      rack (~> 2.0, >= 2.0.9)
      rack-test (>= 0.6.3)
      rails-dom-testing (~> 2.0)
      rails-html-sanitizer (~> 1.0, >= 1.2.0)
    actionview (6.1.3.2)
      activesupport (= 6.1.3.2)
      builder (~> 3.1)
      erubi (~> 1.4)
      rails-dom-testing (~> 2.0)
      rails-html-sanitizer (~> 1.1, >= 1.2.0)
    activesupport (6.1.3.2)
      concurrent-ruby (~> 1.0, >= 1.0.2)
      i18n (>= 1.6, < 2)
      minitest (>= 5.1)
      tzinfo (~> 2.0)
      zeitwerk (~> 2.3)
    ajax-datatables-rails (1.0.0)
      railties (>= 4.2)
    builder (3.2.4)
    byebug (11.0.1)
    coderay (1.1.2)
    concurrent-ruby (1.1.8)
    crass (1.0.6)
    diff-lcs (1.3)
    erubi (1.10.0)
    i18n (1.8.10)
      concurrent-ruby (~> 1.0)
    loofah (2.9.1)
      crass (~> 1.0.2)
      nokogiri (>= 1.5.9)
    method_source (0.9.2)
    mini_portile2 (2.5.1)
    minitest (5.14.4)
    nokogiri (1.11.3)
      mini_portile2 (~> 2.5.0)
      racc (~> 1.4)
    pry (0.12.2)
      coderay (~> 1.1.0)
      method_source (~> 0.9.0)
    pry-byebug (3.7.0)
      byebug (~> 11.0)
      pry (~> 0.10)
    racc (1.5.2)
    rack (2.2.3)
    rack-test (1.1.0)
      rack (>= 1.0, < 3)
    rails-dom-testing (2.0.3)
      activesupport (>= 4.2.0)
      nokogiri (>= 1.6)
    rails-html-sanitizer (1.3.0)
      loofah (~> 2.3)
    railties (6.1.3.2)
      actionpack (= 6.1.3.2)
      activesupport (= 6.1.3.2)
      method_source
      rake (>= 0.8.7)
      thor (~> 1.0)
    rake (13.0.1)
    rspec (3.8.0)
      rspec-core (~> 3.8.0)
      rspec-expectations (~> 3.8.0)
      rspec-mocks (~> 3.8.0)
    rspec-core (3.8.0)
      rspec-support (~> 3.8.0)
    rspec-expectations (3.8.3)
      diff-lcs (>= 1.2.0, < 2.0)
      rspec-support (~> 3.8.0)
    rspec-mocks (3.8.0)
      diff-lcs (>= 1.2.0, < 2.0)
      rspec-support (~> 3.8.0)
    rspec-support (3.8.0)
    thor (1.1.0)
    tzinfo (2.0.4)
      concurrent-ruby (~> 1.0)
    zeitwerk (2.4.2)

PLATFORMS
  ruby

DEPENDENCIES
  ajax-datatables-rails-alt-api!
  bundler (~> 2.0)
  pry (~> 0.12)
  pry-byebug (~> 3)
  rake (~> 13.0)
  rspec (~> 3.0)

BUNDLED WITH
   2.0.2
